ObjectType = Image
NDims = 3
BinaryData = True
BinaryDataByteOrderMSB = False
CompressedData = True
CompressedDataSize = 27230553
TransformMatrix = 1 0 0 0 1 0 0 0 1
Offset = 4.5000049980000005 47.500003498749997 19998.018300990851
CenterOfRotation = 0 0 0
ElementSpacing = 0.050231106579303741 0.035163279622793198 0.0099582811817526817
DimSize = 200 200 200
AnatomicalOrientation = ???
ElementType = MET_DOUBLE
ElementDataFile = cloudyness.zraw
